GEM
  remote: https://rubygems.org/
  specs:
    actioncable (6.0.3.4)
      actionpack (= 6.0.3.4)
      nio4r (~> 2.0)
      websocket-driver (>= 0.6.1)
    actionmailbox (6.0.3.4)
      actionpack (= 6.0.3.4)
      activejob (= 6.0.3.4)
      activerecord (= 6.0.3.4)
      activestorage (= 6.0.3.4)
      activesupport (= 6.0.3.4)
      mail (>= 2.7.1)
    actionmailer (6.0.3.4)
      actionpack (= 6.0.3.4)
      actionview (= 6.0.3.4)
      activejob (= 6.0.3.4)
      mail (~> 2.5, >= 2.5.4)
      rails-dom-testing (~> 2.0)
    actionpack (6.0.3.4)
      actionview (= 6.0.3.4)
      activesupport (= 6.0.3.4)
      rack (~> 2.0, >= 2.0.8)
      rack-test (>= 0.6.3)
      rails-dom-testing (~> 2.0)
      rails-html-sanitizer (~> 1.0, >= 1.2.0)
    actiontext (6.0.3.4)
      actionpack (= 6.0.3.4)
      activerecord (= 6.0.3.4)
      activestorage (= 6.0.3.4)
      activesupport (= 6.0.3.4)
      nokogiri (>= 1.8.5)
    actionview (6.0.3.4)
      activesupport (= 6.0.3.4)
      builder (~> 3.1)
      erubi (~> 1.4)
      rails-dom-testing (~> 2.0)
      rails-html-sanitizer (~> 1.1, >= 1.2.0)
    activejob (6.0.3.4)
      activesupport (= 6.0.3.4)
      globalid (>= 0.3.6)
    activemodel (6.0.3.4)
      activesupport (= 6.0.3.4)
    activerecord (6.0.3.4)
      activemodel (= 6.0.3.4)
      activesupport (= 6.0.3.4)
    activestorage (6.0.3.4)
      actionpack (= 6.0.3.4)
      activejob (= 6.0.3.4)
      activerecord (= 6.0.3.4)
      marcel (~> 0.3.1)
    activesupport (6.0.3.4)
      concurrent-ruby (~> 1.0, >= 1.0.2)
      i18n (>= 0.7, < 2)
      minitest (~> 5.1)
      tzinfo (~> 1.1)
      zeitwerk (~> 2.2, >= 2.2.2)
    addressable (2.8.0)
      public_suffix (>= 2.0.2, < 5.0)
    annotate (3.1.0)
      activerecord (>= 3.2, < 7.0)
      rake (>= 10.4, < 14.0)
    ast (2.4.1)
    autoprefixer-rails (9.5.0)
      execjs
    aws-eventstream (1.1.0)
    aws-partitions (1.415.0)
    aws-sdk-core (3.110.0)
      aws-eventstream (~> 1, >= 1.0.2)
      aws-partitions (~> 1, >= 1.239.0)
      aws-sigv4 (~> 1.1)
      jmespath (~> 1.0)
    aws-sdk-kms (1.40.0)
      aws-sdk-core (~> 3, >= 3.109.0)
      aws-sigv4 (~> 1.1)
    aws-sdk-s3 (1.87.0)
      aws-sdk-core (~> 3, >= 3.109.0)
      aws-sdk-kms (~> 1)
      aws-sigv4 (~> 1.1)
    aws-sigv4 (1.2.2)
      aws-eventstream (~> 1, >= 1.0.2)
    bcrypt (3.1.16)
    bootsnap (1.5.1)
      msgpack (~> 1.0)
    bootstrap-sass (3.4.1)
      autoprefixer-rails (>= 5.2.1)
      sassc (>= 2.0.0)
    browser (4.0.0)
    builder (3.2.4)
    bullet (6.1.2)
      activesupport (>= 3.0.0)
      uniform_notifier (~> 1.11)
    byebug (11.0.1)
    capybara (3.31.0)
      addressable
      mini_mime (>= 0.1.3)
      nokogiri (~> 1.8)
      rack (>= 1.6.0)
      rack-test (>= 0.6.3)
      regexp_parser (~> 1.5)
      xpath (~> 3.2)
    caxlsx (3.0.0)
      htmlentities (~> 4.3, >= 4.3.4)
      mimemagic (~> 0.3)
      nokogiri (~> 1.8, >= 1.8.2)
      rubyzip (~> 1.2, >= 1.2.1)
    caxlsx_rails (0.6.2)
      actionpack (>= 3.1)
      caxlsx (>= 3.0)
    childprocess (3.0.0)
    codeclimate-test-reporter (1.0.9)
      simplecov (<= 0.13)
    concurrent-ruby (1.1.8)
    connection_pool (2.2.5)
    content_disposition (1.0.0)
    crass (1.0.6)
    devise (4.7.3)
      bcrypt (~> 3.0)
      orm_adapter (~> 0.1)
      railties (>= 4.1.0)
      responders
      warden (~> 1.2.3)
    diff-lcs (1.4.4)
    docile (1.1.5)
    dotenv (2.7.6)
    dotenv-rails (2.7.6)
      dotenv (= 2.7.6)
      railties (>= 3.2)
    down (5.2.0)
      addressable (~> 2.5)
    erubi (1.10.0)
    et-orbi (1.1.7)
      tzinfo
    execjs (2.7.0)
    factory_bot (5.0.2)
      activesupport (>= 4.2.0)
    factory_bot_rails (5.0.1)
      factory_bot (~> 5.0.0)
      railties (>= 4.2.0)
    faraday (1.0.0)
      multipart-post (>= 1.2, < 3)
    ffi (1.15.5)
    font-awesome-sass (5.8.1)
      sassc (>= 1.11)
    fugit (1.1.8)
      et-orbi (~> 1.1, >= 1.1.7)
      raabro (~> 1.1)
    globalid (0.4.2)
      activesupport (>= 4.2.0)
    haml (5.2.1)
      temple (>= 0.8.0)
      tilt
    hashie (4.1.0)
    honeybadger (4.7.2)
    htmlentities (4.3.4)
    http_accept_language (2.1.1)
    i18n (1.8.9)
      concurrent-ruby (~> 1.0)
    i18n-js (3.2.1)
      i18n (>= 0.6.6)
    image_processing (1.12.2)
      mini_magick (>= 4.9.5, < 5)
      ruby-vips (>= 2.0.17, < 3)
    jbuilder (2.10.0)
      activesupport (>= 5.0.0)
    jmespath (1.4.0)
    json (2.3.1)
    jwt (2.2.1)
    kramdown (2.3.1)
      rexml
    loofah (2.9.0)
      crass (~> 1.0.2)
      nokogiri (>= 1.5.9)
    mail (2.7.1)
      mini_mime (>= 0.1.1)
    marcel (0.3.3)
      mimemagic (~> 0.3.2)
    method_source (1.0.0)
    mimemagic (0.3.10)
      nokogiri (~> 1)
      rake
    mini_magick (4.11.0)
    mini_mime (1.0.2)
    mini_portile2 (2.8.0)
    minitest (5.14.4)
    msgpack (1.3.3)
    multi_json (1.14.1)
    multi_xml (0.6.0)
    multipart-post (2.1.1)
    nio4r (2.5.8)
    nokogiri (1.13.4)
      mini_portile2 (~> 2.8.0)
      racc (~> 1.4)
    oauth2 (1.4.4)
      faraday (>= 0.8, < 2.0)
      jwt (>= 1.0, < 3.0)
      multi_json (~> 1.3)
      multi_xml (~> 0.5)
      rack (>= 1.2, < 3)
    omniauth (1.9.1)
      hashie (>= 3.4.6)
      rack (>= 1.6.2, < 3)
    omniauth-facebook (6.0.0)
      omniauth-oauth2 (~> 1.2)
    omniauth-oauth2 (1.6.0)
      oauth2 (~> 1.1)
      omniauth (~> 1.9)
    orm_adapter (0.5.0)
    parallel (1.20.1)
    parser (3.0.0.0)
      ast (~> 2.4.1)
    pg (1.1.4)
    pluck_to_hash (1.0.2)
      activerecord (>= 4.0.2)
      activesupport (>= 4.0.2)
    public_suffix (4.0.6)
    puma (5.6.4)
      nio4r (~> 2.0)
    pundit (2.0.1)
      activesupport (>= 3.0.0)
    raabro (1.1.6)
    racc (1.6.0)
    rack (2.2.3)
    rack-attack (6.3.1)
      rack (>= 1.0, < 3)
    rack-cors (1.1.1)
      rack (>= 2.0.0)
    rack-proxy (0.6.5)
      rack
    rack-test (1.1.0)
      rack (>= 1.0, < 3)
    rails (6.0.3.4)
      actioncable (= 6.0.3.4)
      actionmailbox (= 6.0.3.4)
      actionmailer (= 6.0.3.4)
      actionpack (= 6.0.3.4)
      actiontext (= 6.0.3.4)
      actionview (= 6.0.3.4)
      activejob (= 6.0.3.4)
      activemodel (= 6.0.3.4)
      activerecord (= 6.0.3.4)
      activestorage (= 6.0.3.4)
      activesupport (= 6.0.3.4)
      bundler (>= 1.3.0)
      railties (= 6.0.3.4)
      sprockets-rails (>= 2.0.0)
    rails-dom-testing (2.0.3)
      activesupport (>= 4.2.0)
      nokogiri (>= 1.6)
    rails-html-sanitizer (1.3.0)
      loofah (~> 2.3)
    railties (6.0.3.4)
      actionpack (= 6.0.3.4)
      activesupport (= 6.0.3.4)
      method_source
      rake (>= 0.8.7)
      thor (>= 0.20.3, < 2.0)
    rainbow (3.0.0)
    rake (13.0.3)
    redis (4.6.0)
    regexp_parser (1.8.2)
    responders (3.0.1)
      actionpack (>= 5.0)
      railties (>= 5.0)
    rexml (3.2.5)
    rspec (3.10.0)
      rspec-core (~> 3.10.0)
      rspec-expectations (~> 3.10.0)
      rspec-mocks (~> 3.10.0)
    rspec-core (3.10.1)
      rspec-support (~> 3.10.0)
    rspec-expectations (3.10.1)
      diff-lcs (>= 1.2.0, < 2.0)
      rspec-support (~> 3.10.0)
    rspec-mocks (3.10.1)
      diff-lcs (>= 1.2.0, < 2.0)
      rspec-support (~> 3.10.0)
    rspec-rails (4.0.2)
      actionpack (>= 4.2)
      activesupport (>= 4.2)
      railties (>= 4.2)
      rspec-core (~> 3.10)
      rspec-expectations (~> 3.10)
      rspec-mocks (~> 3.10)
      rspec-support (~> 3.10)
    rspec-support (3.10.1)
    rubocop (1.8.1)
      parallel (~> 1.10)
      parser (>= 3.0.0.0)
      rainbow (>= 2.2.2, < 4.0)
      regexp_parser (>= 1.8, < 3.0)
      rexml
      rubocop-ast (>= 1.2.0, < 2.0)
      ruby-progressbar (~> 1.7)
      unicode-display_width (>= 1.4.0, < 3.0)
    rubocop-ast (1.4.0)
      parser (>= 2.7.1.5)
    rubocop-performance (1.9.2)
      rubocop (>= 0.90.0, < 2.0)
      rubocop-ast (>= 0.4.0)
    rubocop-rails (2.9.1)
      activesupport (>= 4.2.0)
      rack (>= 1.1)
      rubocop (>= 0.90.0, < 2.0)
    ruby-progressbar (1.11.0)
    ruby-vips (2.1.4)
      ffi (~> 1.12)
    rubyzip (1.3.0)
    sassc (2.0.1)
      ffi (~> 1.9)
      rake
    sassc-rails (2.1.0)
      railties (>= 4.0.0)
      sassc (>= 2.0)
      sprockets (> 3.0)
      sprockets-rails
      tilt
    scenic (1.5.4)
      activerecord (>= 4.0.0)
      railties (>= 4.0.0)
    selenium-webdriver (3.142.7)
      childprocess (>= 0.5, < 4.0)
      rubyzip (>= 1.2.2)
    shrine (3.3.0)
      content_disposition (~> 1.0)
      down (~> 5.1)
    sidekiq (6.4.0)
      connection_pool (>= 2.2.2)
      rack (~> 2.0)
      redis (>= 4.2.0)
    sidekiq-cron (1.1.0)
      fugit (~> 1.1)
      sidekiq (>= 4.2.1)
    simplecov (0.13.0)
      docile (~> 1.1.0)
      json (>= 1.8, < 3)
      simplecov-html (~> 0.10.0)
    simplecov-html (0.10.2)
    skylight (4.2.3)
      skylight-core (= 4.2.3)
    skylight-core (4.2.3)
      activesupport (>= 4.2.0)
    sprockets (4.0.2)
      concurrent-ruby (~> 1.0)
      rack (> 1, < 3)
    sprockets-rails (3.2.2)
      actionpack (>= 4.0)
      activesupport (>= 4.0)
      sprockets (>= 3.0.0)
    temple (0.8.2)
    thor (1.1.0)
    thread_safe (0.3.6)
    tilt (2.0.10)
    turbolinks (5.2.0)
      turbolinks-source (~> 5.2)
    turbolinks-source (5.2.0)
    tzinfo (1.2.9)
      thread_safe (~> 0.1)
    uglifier (4.1.20)
      execjs (>= 0.3.0, < 3)
    unicode-display_width (2.0.0)
    uniform_notifier (1.13.1)
    vincenty_distance (1.0.0)
    warden (1.2.9)
      rack (>= 2.0.9)
    webpacker (4.2.2)
      activesupport (>= 4.2)
      rack-proxy (>= 0.6.1)
      railties (>= 4.2)
    websocket-driver (0.7.3)
      websocket-extensions (>= 0.1.0)
    websocket-extensions (0.1.5)
    will_paginate (3.3.0)
    will_paginate-bootstrap (1.0.2)
      will_paginate (>= 3.0.3)
    xpath (3.2.0)
      nokogiri (~> 1.8)
    zeitwerk (2.4.2)

PLATFORMS
  ruby

DEPENDENCIES
  annotate
  aws-sdk-s3
  bootsnap
  bootstrap-sass (~> 3.4.1)
  browser
  bullet
  byebug
  capybara
  caxlsx
  caxlsx_rails
  codeclimate-test-reporter
  devise
  dotenv-rails
  factory_bot_rails
  font-awesome-sass (~> 5.8.1)
  haml
  honeybadger (~> 4.0)
  http_accept_language
  i18n-js (>= 3.0.0.rc8)
  image_processing (~> 1.12)
  jbuilder (~> 2.6)
  kramdown
  nokogiri (~> 1.13)
  omniauth-facebook
  pg (~> 1.0)
  pluck_to_hash
  puma (< 6)
  pundit
  rack-attack
  rack-cors
  rails (~> 6.0.3)
  rspec
  rspec-rails (~> 4.0.0)
  rubocop
  rubocop-performance
  rubocop-rails
  sassc-rails
  scenic
  selenium-webdriver
  shrine (~> 3.0)
  sidekiq (< 7)
  sidekiq-cron (~> 1.0)
  simplecov
  skylight
  turbolinks
  uglifier (>= 2.7.2)
  vincenty_distance
  webpacker (~> 4.0)
  will_paginate
  will_paginate-bootstrap

RUBY VERSION
   ruby 3.0.0p0

BUNDLED WITH
   2.2.4
